GEM
  remote: https://rubygems.org/
  specs:
    bootstrap-sass (2.1.0.0)
    rack (1.5.2)

PLATFORMS
  ruby

DEPENDENCIES
  bootstrap-sass
  rack
